PATH
  remote: .
  specs:
    auth_one (0.1.0)
      bcrypt (~> 3.1.11)
      jwt (~> 2.1.0)
      sequel (~> 5.0)
      sinatra (~> 2.0.0)
      sinatra-contrib (~> 2.0.0)

GEM
  remote: https://rubygems.org/
  specs:
    ast (2.3.0)
    backports (3.10.3)
    bcrypt (3.1.11)
    bundler-audit (0.6.0)
      bundler (~> 1.2)
      thor (~> 0.18)
    byebug (9.1.0)
    diff-lcs (1.3)
    jwt (2.1.0)
    multi_json (1.12.2)
    mustermann (1.0.1)
    parallel (1.12.0)
    parser (2.4.0.0)
      ast (~> 2.2)
    powerpack (0.1.1)
    puma (3.10.0)
    rack (2.0.3)
    rack-protection (2.0.0)
      rack
    rack-test (0.8.2)
      rack (>= 1.0, < 3)
    rainbow (2.2.2)
      rake
    rake (10.5.0)
    rspec (3.7.0)
      rspec-core (~> 3.7.0)
      rspec-expectations (~> 3.7.0)
      rspec-mocks (~> 3.7.0)
    rspec-core (3.7.0)
      rspec-support (~> 3.7.0)
    rspec-expectations (3.7.0)
      diff-lcs (>= 1.2.0, < 2.0)
      rspec-support (~> 3.7.0)
    rspec-mocks (3.7.0)
      diff-lcs (>= 1.2.0, < 2.0)
      rspec-support (~> 3.7.0)
    rspec-support (3.7.0)
    rspec_junit_formatter (0.3.0)
      rspec-core (>= 2, < 4, != 2.12.0)
    rubocop (0.51.0)
      parallel (~> 1.10)
      parser (>= 2.3.3.1, < 3.0)
      powerpack (~> 0.1)
      rainbow (>= 2.2.2, < 3.0)
      ruby-progressbar (~> 1.7)
      unicode-display_width (~> 1.0, >= 1.0.1)
    ruby-progressbar (1.9.0)
    sequel (5.2.0)
    sinatra (2.0.0)
      mustermann (~> 1.0)
      rack (~> 2.0)
      rack-protection (= 2.0.0)
      tilt (~> 2.0)
    sinatra-contrib (2.0.0)
      backports (>= 2.0)
      multi_json
      mustermann (~> 1.0)
      rack-protection (= 2.0.0)
      sinatra (= 2.0.0)
      tilt (>= 1.3, < 3)
    sqlite3 (1.3.13)
    thor (0.20.0)
    tilt (2.0.8)
    unicode-display_width (1.3.0)

PLATFORMS
  ruby

DEPENDENCIES
  auth_one!
  bundler (~> 1.15)
  bundler-audit
  byebug (~> 9.0)
  puma (~> 3.7)
  rack-test (~> 0.8.2)
  rake (~> 10.0)
  rspec (~> 3.0)
  rspec_junit_formatter
  rubocop (~> 0.51.0)
  sqlite3

RUBY VERSION
   ruby 2.4.1p111

BUNDLED WITH
   1.16.0
